GEM
  remote: http://rubygems.org/
  specs:
    builder (3.0.0)
    glinda (0.1.0)
      builder
      builder
      rack
      rdiscount
      rdiscount
    rack (1.4.1)
    rdiscount (1.6.8)

PLATFORMS
  ruby

DEPENDENCIES
  builder
  glinda
  rdiscount
